GEM
  remote: https://rubygems.org/
  specs:
    bigdecimal (3.1.9)
    liquid (5.6.0)
      bigdecimal
      strscan
    strscan (3.1.2)

PLATFORMS
  arm64-darwin-23

DEPENDENCIES
  liquid

BUNDLED WITH
   2.4.22
